NUGET
  remote: http://ustxri00app22i.global.corp.prod/nuget/usexclusive
    Ammy (1.2.94) - restriction: >= net471
    Ammy.WPF (1.2.94) - restriction: >= net471
      Ammy (>= 1.2.94)
    Caliburn.Micro (3.2.0) - restriction: >= net471
      Caliburn.Micro.Core (3.2)
    Caliburn.Micro.Core (3.2.0) - restriction: >= net471
    ControlzEx (3.0.2.4) - restriction: >= net471
    Costura.Fody (3.1.0) - restriction: >= net471
      Fody (>= 3.1.3) - restriction: >= net46
    Fody (3.1.4) - restriction: >= net471
    JetBrains.Annotations (2018.2.1) - restriction: >= net471
    MahApps.Metro (1.6.5) - restriction: >= net471
      ControlzEx (>= 3.0.2.4 < 4.0)
    MahApps.Metro.IconPacks (2.3.0) - restriction: >= net471
      ControlzEx (>= 3.0.2.4 < 4.0) - restriction: >= net40
